PATH
  remote: .
  specs:
    mongoriver (1.3.0)
      bson_ext
      log4r
      mongo (>= 2.0)

GEM
  remote: https://rubygems.org/
  specs:
    bson (4.15.0)
    bson_ext (1.5.1)
    log4r (1.1.10)
    minitest (5.18.0)
    mocha (2.0.2)
      ruby2_keywords (>= 0.0.5)
    mongo (2.18.2)
      bson (>= 4.14.1, < 5.0.0)
    rake (13.0.6)
    ruby2_keywords (0.0.5)

PLATFORMS
  x86_64-linux

DEPENDENCIES
  minitest
  mocha (>= 0.13)
  mongoriver!
  rake

BUNDLED WITH
   2.4.13
